GIT
  remote: git://github.com/geemus/fog.git
  revision: 7402e8b04b75100bc90dcf4ac43c285576d0fb87
  specs:
    fog (0.8.2)
      builder
      excon (~> 0.6.1)
      formatador (>= 0.1.3)
      json
      mime-types
      net-ssh (>= 2.1.3)
      nokogiri (>= 1.4.4)
      ruby-hmac

GIT
  remote: git://github.com/jedi4ever/mccloud.git
  revision: 62c73f659a7e7d4ccd1d1c02e9450ba54720551e
  specs:
    mccloud (0.0.13)
      fog (~> 0.8.1)
      highline (~> 1.6.1)
      json
      net-scp
      net-ssh (~> 2.1.0)
      net-ssh-multi
      popen4 (~> 0.1.2)
      thor (~> 0.14.6)

GEM
  remote: http://rubygems.org/
  specs:
    Platform (0.4.0)
    builder (3.0.0)
    bunny (0.6.0)
    chef (0.10.0)
      bunny (>= 0.6.0)
      erubis
      highline
      json (>= 1.4.4, <= 1.5.2)
      mixlib-authentication (>= 1.1.0)
      mixlib-cli (>= 1.1.0)
      mixlib-config (>= 1.1.2)
      mixlib-log (>= 1.3.0)
      moneta
      net-ssh (~> 2.1.3)
      net-ssh-multi (~> 1.0.1)
      ohai (>= 0.6.0)
      rest-client (>= 1.0.4, < 1.7.0)
      treetop (~> 1.4.9)
      uuidtools
    erubis (2.7.0)
    excon (0.6.3)
    formatador (0.1.4)
    highline (1.6.2)
    json (1.5.1)
    mime-types (1.16)
    mixlib-authentication (1.1.4)
      mixlib-log
    mixlib-cli (1.2.0)
    mixlib-config (1.1.2)
    mixlib-log (1.3.0)
    moneta (0.6.0)
    net-scp (1.0.4)
      net-ssh (>= 1.99.1)
    net-ssh (2.1.4)
    net-ssh-gateway (1.1.0)
      net-ssh (>= 1.99.1)
    net-ssh-multi (1.0.1)
      net-ssh (>= 1.99.2)
      net-ssh-gateway (>= 0.99.0)
    nokogiri (1.4.4)
    ohai (0.6.4)
      mixlib-cli
      mixlib-config
      mixlib-log
      systemu
      yajl-ruby
    open4 (1.0.1)
    polyglot (0.3.1)
    popen4 (0.1.2)
      Platform (>= 0.4.0)
      open4 (>= 0.4.0)
    rest-client (1.6.3)
      mime-types (>= 1.16)
    ruby-hmac (0.4.0)
    systemu (2.2.0)
    thor (0.14.6)
    treetop (1.4.9)
      polyglot (>= 0.3.1)
    uuidtools (2.1.2)
    yajl-ruby (0.8.2)

PLATFORMS
  ruby

DEPENDENCIES
  chef (~> 0.10.0)
  fog!
  mccloud!
